GEM
  remote: https://rubygems.org/
  specs:
    SassyLists (2.0.0)
      sass (~> 3.3)
    sass (3.3.9)

PLATFORMS
  x86-mingw32

DEPENDENCIES
  SassyLists (~> 2.0)
